GEM
  remote: https://rubygems.org/
  specs:
    debase (2.3.2)
      debase-ruby_core_source (~> 0.10.11)
    debase-ruby_core_source (0.10.12)
    diff-lcs (1.4.4)
    dotenv (2.7.6)
    httparty (0.18.1)
      mime-types (~> 3.0)
      multi_xml (>= 0.5.2)
    json (2.5.1)
    liquid (5.0.1)
    mime-types (3.3.1)
      mime-types-data (~> 3.2015)
    mime-types-data (3.2021.0225)
    multi_xml (0.6.0)
    rspec (3.10.0)
      rspec-core (~> 3.10.0)
      rspec-expectations (~> 3.10.0)
      rspec-mocks (~> 3.10.0)
    rspec-core (3.10.1)
      rspec-support (~> 3.10.0)
    rspec-expectations (3.10.1)
      diff-lcs (>= 1.2.0, < 2.0)
      rspec-support (~> 3.10.0)
    rspec-mocks (3.10.2)
      diff-lcs (>= 1.2.0, < 2.0)
      rspec-support (~> 3.10.0)
    rspec-support (3.10.2)
    ruby-debug-ide (2.3.1)
      debase (~> 2.3.2)

PLATFORMS
  ruby

DEPENDENCIES
  debase
  dotenv
  httparty
  json
  liquid
  rspec (~> 3.0)
  ruby-debug-ide

BUNDLED WITH
   2.1.4
